GEM
  remote: https://rubygems.org/
  specs:
    activesupport (5.0.0.1)
      concurrent-ruby (~> 1.0, >= 1.0.2)
      i18n (~> 0.7)
      minitest (~> 5.1)
      tzinfo (~> 1.1)
    addressable (2.4.0)
    bigdecimal (1.2.6)
    bundler-unload (1.0.2)
    coffee-script (2.4.1)
      coffee-script-source
      execjs
    coffee-script-source (1.10.0)
    colorator (0.1)
    concurrent-ruby (1.0.2)
    ethon (0.9.1)
      ffi (>= 1.3.0)
    execjs (2.7.0)
    executable-hooks (1.3.2)
    faraday (0.9.2)
      multipart-post (>= 1.2, < 3)
    ffi (1.9.14)
    forwardable-extended (2.6.0)
    gem-wrappers (1.2.7)
    gemoji (2.1.0)
    html-pipeline (2.4.2)
      activesupport (>= 2)
      nokogiri (>= 1.4)
    i18n (0.7.0)
    io-console (0.4.3)
    jekyll (3.1.6)
      colorator (~> 0.1)
      jekyll-sass-converter (~> 1.0)
      jekyll-watch (~> 1.1)
      kramdown (~> 1.3)
      liquid (~> 3.0)
      mercenary (~> 0.3.3)
      rouge (~> 1.7)
      safe_yaml (~> 1.0)
    jekyll-coffeescript (1.0.1)
      coffee-script (~> 2.2)
    jekyll-feed (0.5.1)
    jekyll-gist (1.4.0)
      octokit (~> 4.2)
    jekyll-github-metadata (1.11.1)
      octokit (~> 4.0)
    jekyll-mentions (1.1.2)
      html-pipeline (~> 2.3)
      jekyll (~> 3.0)
    jekyll-paginate (1.1.0)
    jekyll-redirect-from (0.10.0)
      jekyll (>= 2.0)
    jekyll-sass-converter (1.3.0)
      sass (~> 3.2)
    jekyll-seo-tag (1.4.0)
      jekyll (~> 3.0)
    jekyll-sitemap (0.10.0)
    jekyll-swiss (0.4.0)
    jekyll-watch (1.5.0)
      listen (~> 3.0, < 3.1)
    jemoji (0.6.2)
      gemoji (~> 2.0)
      html-pipeline (~> 2.2)
      jekyll (>= 3.0)
    json (1.8.1)
    kramdown (1.10.0)
    leonids (0.1.1)
    liquid (3.0.6)
    listen (3.0.6)
      rb-fsevent (>= 0.9.3)
      rb-inotify (>= 0.9.7)
    mercenary (0.3.6)
    mini_portile2 (2.1.0)
    minima (2.0.0)
    minitest (5.9.1)
    multipart-post (2.0.0)
    net-dns (0.8.0)
    nokogiri (1.6.8.1)
      mini_portile2 (~> 2.1.0)
    octokit (4.3.0)
      sawyer (~> 0.7.0, >= 0.5.3)
    pathutil (0.14.0)
      forwardable-extended (~> 2.6)
    psych (2.0.8)
    public_suffix (1.5.3)
    rake (10.4.2)
    rb-fsevent (0.9.7)
    rb-inotify (0.9.7)
      ffi (>= 0.5.0)
    rdoc (4.2.0)
    rouge (1.10.1)
    rubygems-bundler (1.4.4)
      bundler-unload (>= 1.0.2)
      executable-hooks (>= 1.3.2)
    rvm (1.11.3.9)
    safe_yaml (1.0.4)
    sass (3.4.22)
    sawyer (0.7.0)
      addressable (>= 2.3.5, < 2.5)
      faraday (~> 0.8, < 0.10)
    terminal-table (1.7.3)
      unicode-display_width (~> 1.1.1)
    thread_safe (0.3.5)
    typhoeus (0.8.0)
      ethon (>= 0.8.0)
    tzinfo (1.2.2)
      thread_safe (~> 0.1)
    unicode-display_width (1.1.1)

PLATFORMS
  ruby

DEPENDENCIES
  activesupport
  addressable
  bigdecimal
  bundler
  bundler-unload
  coffee-script
  coffee-script-source
  colorator
  concurrent-ruby
  ethon
  execjs
  executable-hooks
  faraday
  ffi
  forwardable-extended
  gem-wrappers
  gemoji
  html-pipeline
  i18n
  io-console
  jekyll
  jekyll-coffeescript
  jekyll-feed
  jekyll-gist
  jekyll-github-metadata
  jekyll-mentions
  jekyll-paginate
  jekyll-redirect-from
  jekyll-sass-converter
  jekyll-seo-tag
  jekyll-sitemap
  jekyll-swiss
  jekyll-watch
  jemoji
  json
  kramdown
  leonids
  liquid
  listen
  mercenary
  mini_portile2
  minima
  minitest
  multipart-post
  net-dns
  nokogiri
  octokit
  pathutil
  psych
  public_suffix
  rake
  rb-fsevent
  rb-inotify
  rdoc
  rouge
  rubygems-bundler
  rvm
  safe_yaml
  sass
  sawyer
  terminal-table
  thread_safe
  typhoeus
  tzinfo
  unicode-display_width

RUBY VERSION
   ruby 2.2.3p173

BUNDLED WITH
   1.13.2
