GEM
  remote: https://rubygems.org/
  specs:
    activesupport (5.2.2)
      concurrent-ruby (~> 1.0, >= 1.0.2)
      i18n (>= 0.7, < 2)
      minitest (~> 5.1)
      tzinfo (~> 1.1)
    addressable (2.5.2)
      public_suffix (>= 2.0.2, < 4.0)
    bigdecimal (1.4.3)
    bundler-unload (1.0.2)
    coffee-script (2.4.1)
      coffee-script-source
      execjs
    coffee-script-source (1.11.1)
    colorator (1.1.0)
    concurrent-ruby (1.1.4)
    em-websocket (0.5.1)
      eventmachine (>= 0.12.9)
      http_parser.rb (~> 0.6.0)
    ethon (0.12.0)
      ffi (>= 1.3.0)
    eventmachine (1.2.7)
    execjs (2.7.0)
    executable-hooks (1.6.0)
    faraday (0.15.4)
      multipart-post (>= 1.2, < 3)
    ffi (1.10.0)
    forwardable-extended (2.6.0)
    gem-wrappers (1.4.0)
    gemoji (3.0.0)
    html-pipeline (2.10.0)
      activesupport (>= 2)
      nokogiri (>= 1.4)
    http_parser.rb (0.6.0)
    i18n (0.9.5)
      concurrent-ruby (~> 1.0)
    io-console (0.4.7)
    jekyll (3.8.5)
      addressable (~> 2.4)
      colorator (~> 1.0)
      em-websocket (~> 0.5)
      i18n (~> 0.7)
      jekyll-sass-converter (~> 1.0)
      jekyll-watch (~> 2.0)
      kramdown (~> 1.14)
      liquid (~> 4.0)
      mercenary (~> 0.3.3)
      pathutil (~> 0.9)
      rouge (>= 1.7, < 4)
      safe_yaml (~> 1.0)
    jekyll-coffeescript (1.1.1)
      coffee-script (~> 2.2)
      coffee-script-source (~> 1.11.1)
    jekyll-feed (0.11.0)
      jekyll (~> 3.3)
    jekyll-gist (1.5.0)
      octokit (~> 4.2)
    jekyll-github-metadata (2.12.1)
      jekyll (~> 3.4)
      octokit (~> 4.0, != 4.4.0)
    jekyll-mentions (1.4.1)
      html-pipeline (~> 2.3)
      jekyll (~> 3.0)
    jekyll-paginate (1.1.0)
    jekyll-redirect-from (0.14.0)
      jekyll (~> 3.3)
    jekyll-sass-converter (1.5.2)
      sass (~> 3.4)
    jekyll-seo-tag (2.5.0)
      jekyll (~> 3.3)
    jekyll-sitemap (1.2.0)
      jekyll (~> 3.3)
    jekyll-swiss (1.0.0)
    jekyll-watch (2.1.2)
      listen (~> 3.0)
    jemoji (0.10.2)
      gemoji (~> 3.0)
      html-pipeline (~> 2.2)
      jekyll (~> 3.0)
    json (2.1.0)
    kramdown (1.17.0)
    leonids (0.2.1)
    liquid (4.0.1)
    listen (3.1.5)
      rb-fsevent (~> 0.9, >= 0.9.4)
      rb-inotify (~> 0.9, >= 0.9.7)
      ruby_dep (~> 1.2)
    mercenary (0.3.6)
    mini_portile2 (2.4.0)
    minima (2.5.0)
      jekyll (~> 3.5)
      jekyll-feed (~> 0.9)
      jekyll-seo-tag (~> 2.1)
    minitest (5.11.3)
    multipart-post (2.0.0)
    net-dns (0.9.0)
    nokogiri (1.10.1)
      mini_portile2 (~> 2.4.0)
    octokit (4.13.0)
      sawyer (~> 0.8.0, >= 0.5.3)
    pathutil (0.16.2)
      forwardable-extended (~> 2.6)
    psych (3.1.0)
    public_suffix (3.0.3)
    rake (12.3.2)
    rb-fsevent (0.10.3)
    rb-inotify (0.10.0)
      ffi (~> 1.0)
    rdoc (6.1.1)
    rouge (3.3.0)
    ruby_dep (1.5.0)
    rubygems-bundler (1.4.5)
      bundler-unload (>= 1.0.2)
      executable-hooks (>= 1.5.0)
    rvm (1.11.3.9)
    safe_yaml (1.0.4)
    sass (3.7.3)
      sass-listen (~> 4.0.0)
    sass-listen (4.0.0)
      rb-fsevent (~> 0.9, >= 0.9.4)
      rb-inotify (~> 0.9, >= 0.9.7)
    sawyer (0.8.1)
      addressable (>= 2.3.5, < 2.6)
      faraday (~> 0.8, < 1.0)
    terminal-table (1.8.0)
      unicode-display_width (~> 1.1, >= 1.1.1)
    thread_safe (0.3.6)
    typhoeus (1.3.1)
      ethon (>= 0.9.0)
    tzinfo (1.2.5)
      thread_safe (~> 0.1)
    unicode-display_width (1.4.1)

PLATFORMS
  ruby

DEPENDENCIES
  activesupport
  addressable
  bigdecimal
  bundler
  bundler-unload
  coffee-script
  coffee-script-source
  colorator
  concurrent-ruby
  ethon
  execjs
  executable-hooks
  faraday
  ffi
  forwardable-extended
  gem-wrappers
  gemoji
  html-pipeline
  i18n
  io-console
  jekyll
  jekyll-coffeescript
  jekyll-feed
  jekyll-gist
  jekyll-github-metadata
  jekyll-mentions
  jekyll-paginate
  jekyll-redirect-from
  jekyll-sass-converter
  jekyll-seo-tag
  jekyll-sitemap
  jekyll-swiss
  jekyll-watch
  jemoji
  json
  kramdown
  leonids
  liquid
  listen
  mercenary
  mini_portile2
  minima
  minitest
  multipart-post
  net-dns
  nokogiri
  octokit
  pathutil
  psych
  public_suffix
  rake
  rb-fsevent
  rb-inotify
  rdoc
  rouge
  rubygems-bundler
  rvm
  safe_yaml
  sass
  sawyer
  terminal-table
  thread_safe
  typhoeus
  tzinfo
  unicode-display_width

RUBY VERSION
   ruby 2.6.1p33

BUNDLED WITH
   1.17.2
